PATH
  remote: .
  specs:
    pubsueque (0.1.0)
      google-cloud-pubsub

GEM
  remote: https://rubygems.org/
  specs:
    addressable (2.8.1)
      public_suffix (>= 2.0.2, < 6.0)
    concurrent-ruby (1.1.10)
    diff-lcs (1.5.0)
    faraday (2.7.3)
      faraday-net_http (>= 2.0, < 3.1)
      ruby2_keywords (>= 0.0.4)
    faraday-net_http (3.0.2)
    faraday-retry (2.0.0)
      faraday (~> 2.0)
    gapic-common (0.16.0)
      faraday (>= 1.9, < 3.a)
      faraday-retry (>= 1.0, < 3.a)
      google-protobuf (~> 3.14)
      googleapis-common-protos (>= 1.3.12, < 2.a)
      googleapis-common-protos-types (>= 1.3.1, < 2.a)
      googleauth (~> 1.0)
      grpc (~> 1.36)
    google-cloud-core (1.6.0)
      google-cloud-env (~> 1.0)
      google-cloud-errors (~> 1.0)
    google-cloud-env (1.6.0)
      faraday (>= 0.17.3, < 3.0)
    google-cloud-errors (1.3.0)
    google-cloud-pubsub (2.14.0)
      concurrent-ruby (~> 1.1)
      google-cloud-core (~> 1.5)
      google-cloud-pubsub-v1 (~> 0.8)
      retriable (~> 3.1)
    google-cloud-pubsub-v1 (0.13.0)
      gapic-common (>= 0.16.0, < 2.a)
      google-cloud-errors (~> 1.0)
      google-iam-v1 (>= 0.0, < 2.a)
    google-iam-v1 (0.2.0)
      gapic-common (>= 0.10, < 2.a)
      google-cloud-errors (~> 1.0)
      grpc-google-iam-v1 (~> 1.1)
    google-protobuf (3.21.12)
    google-protobuf (3.21.12-x86_64-darwin)
    google-protobuf (3.21.12-x86_64-linux)
    googleapis-common-protos (1.4.0)
      google-protobuf (~> 3.14)
      googleapis-common-protos-types (~> 1.2)
      grpc (~> 1.27)
    googleapis-common-protos-types (1.5.0)
      google-protobuf (~> 3.14)
    googleauth (1.3.0)
      faraday (>= 0.17.3, < 3.a)
      jwt (>= 1.4, < 3.0)
      memoist (~> 0.16)
      multi_json (~> 1.11)
      os (>= 0.9, < 2.0)
      signet (>= 0.16, < 2.a)
    grpc (1.50.0)
      google-protobuf (~> 3.21)
      googleapis-common-protos-types (~> 1.0)
    grpc (1.50.0-x86_64-darwin)
      google-protobuf (~> 3.21)
      googleapis-common-protos-types (~> 1.0)
    grpc (1.50.0-x86_64-linux)
      google-protobuf (~> 3.21)
      googleapis-common-protos-types (~> 1.0)
    grpc-google-iam-v1 (1.2.0)
      google-protobuf (~> 3.14)
      googleapis-common-protos (>= 1.3.12, < 2.0)
      grpc (~> 1.27)
    jwt (2.6.0)
    memoist (0.16.2)
    multi_json (1.15.0)
    os (1.1.4)
    public_suffix (5.0.1)
    rake (12.3.3)
    retriable (3.1.2)
    rspec (3.12.0)
      rspec-core (~> 3.12.0)
      rspec-expectations (~> 3.12.0)
      rspec-mocks (~> 3.12.0)
    rspec-core (3.12.0)
      rspec-support (~> 3.12.0)
    rspec-expectations (3.12.2)
      diff-lcs (>= 1.2.0, < 2.0)
      rspec-support (~> 3.12.0)
    rspec-mocks (3.12.2)
      diff-lcs (>= 1.2.0, < 2.0)
      rspec-support (~> 3.12.0)
    rspec-support (3.12.0)
    ruby2_keywords (0.0.5)
    signet (0.17.0)
      addressable (~> 2.8)
      faraday (>= 0.17.5, < 3.a)
      jwt (>= 1.5, < 3.0)
      multi_json (~> 1.10)

PLATFORMS
  arm64-darwin-21
  x86_64-darwin-19
  x86_64-linux

DEPENDENCIES
  pubsueque!
  rake (~> 12.0)
  rspec (~> 3.0)

BUNDLED WITH
   2.2.16
